GEM
  remote: http://rubygems.org/
  specs:
    diff-lcs (1.1.2)
    i18n (0.5.0)
    json (1.5.1)
    money (3.6.1)
      i18n (~> 0.4)
    rspec (2.6.0)
      rspec-core (~> 2.6.0)
      rspec-expectations (~> 2.6.0)
      rspec-mocks (~> 2.6.0)
    rspec-core (2.6.3)
    rspec-expectations (2.6.0)
      diff-lcs (~> 1.1.2)
    rspec-mocks (2.6.0)

PLATFORMS
  ruby
  x86-mingw32

DEPENDENCIES
  json
  money
  rspec
